GEM
  remote: http://rubygems.org/
  specs:
    mini_portile2 (2.3.0)
    nokogiri (1.8.1)
      mini_portile2 (~> 2.3.0)
    xkcd (1.0.1)
      nokogiri (>= 1.5.0)

PLATFORMS
  ruby

DEPENDENCIES
  xkcd (~> 1.0.1)

BUNDLED WITH
   1.15.4
