GEM
  remote: http://rubygems.org/
  specs:
    mini_portile2 (2.3.0)
    nokogiri (1.8.1)
      mini_portile2 (~> 2.3.0)
    ruby2ruby (2.4.0)
      ruby_parser (~> 3.1)
      sexp_processor (~> 4.6)
    ruby_parser (3.10.1)
      sexp_processor (~> 4.9)
    rubyzip (1.0.0)
    safemode (1.2.5)
      ruby2ruby (>= 2.0.6)
      ruby_parser (>= 3.2.0)
      sexp_processor (>= 4.3.0)
    sexp_processor (4.10.0)
    xkcd (1.0.1)
      nokogiri (>= 1.5.0)

PLATFORMS
  ruby

DEPENDENCIES
  rubyzip (~> 1.0.0)
  safemode (~> 1.2.0)
  xkcd (~> 1.0.0)

BUNDLED WITH
   1.15.4
